GEM
  remote: https://rubygems.org/
  specs:
    byebug (9.1.0)
    dotenv (0.7.0)
    figaro (1.1.1)
      thor (~> 0.14)
    foreman (0.64.0)
      dotenv (~> 0.7.0)
      thor (>= 0.13.6)
    passenger (5.1.12)
      rack
      rake (>= 0.8.1)
    pg (0.18.4)
    rack (2.0.3)
    rake (12.3.0)
    sequel (5.4.0)
    sequel-rake (0.2.0)
      thor (~> 0.19)
    thor (0.20.0)

PLATFORMS
  ruby

DEPENDENCIES
  byebug
  figaro
  foreman
  passenger (>= 5.0.25)
  pg (~> 0.18.4)
  rack
  sequel
  sequel-rake

RUBY VERSION
   ruby 2.4.1p111

BUNDLED WITH
   1.16.0
