GEM
  remote: https://rubygems.org/
  specs:
    activemodel (5.1.4)
      activesupport (= 5.1.4)
    activerecord (5.1.4)
      activemodel (= 5.1.4)
      activesupport (= 5.1.4)
      arel (~> 8.0)
    activesupport (5.1.4)
      concurrent-ruby (~> 1.0, >= 1.0.2)
      i18n (~> 0.7)
      minitest (~> 5.1)
      tzinfo (~> 1.1)
    arel (8.0.0)
    byebug (9.1.0)
    concurrent-ruby (1.0.5)
    dotenv (0.7.0)
    figaro (1.1.1)
      thor (~> 0.14)
    foreman (0.64.0)
      dotenv (~> 0.7.0)
      thor (>= 0.13.6)
    i18n (0.9.1)
      concurrent-ruby (~> 1.0)
    minitest (5.11.1)
    passenger (5.1.12)
      rack
      rake (>= 0.8.1)
    pg (0.18.4)
    rack (2.0.3)
    rake (12.3.0)
    thor (0.20.0)
    thread_safe (0.3.6)
    tzinfo (1.2.4)
      thread_safe (~> 0.1)

PLATFORMS
  ruby

DEPENDENCIES
  activerecord
  byebug
  figaro
  foreman
  passenger (>= 5.0.25)
  pg (~> 0.18.4)
  rack

RUBY VERSION
   ruby 2.4.1p111

BUNDLED WITH
   1.16.0
